GEM
  remote: https://rubygems.org/
  specs:
    activesupport (4.2.3)
      i18n (~> 0.7)
      json (~> 1.7, >= 1.7.7)
      minitest (~> 5.1)
      thread_safe (~> 0.3, >= 0.3.4)
      tzinfo (~> 1.1)
    addressable (2.3.8)
    awesome_print (1.6.1)
    english (0.6.3)
      language
    engtagger (0.2.0)
    gingerice (1.2.2)
      addressable
      awesome_print
    httparty (0.13.5)
      json (~> 1.8)
      multi_xml (>= 0.5.2)
    i18n (0.7.0)
    json (1.8.3)
    kgio (2.9.3)
    language (0.6.0)
    minitest (5.7.0)
    moby (1.2.0)
    multi_xml (0.5.5)
    rack (1.6.4)
    raindrops (0.14.0)
    ruby_rhymes (0.1.2)
    scalpel (0.2.1)
    sinatra (1.1.0)
      rack (~> 1.1)
      tilt (~> 1.1)
    thread_safe (0.3.5)
    tilt (1.4.1)
    tzinfo (1.2.2)
      thread_safe (~> 0.1)
    unicorn (4.9.0)
      kgio (~> 2.6)
      rack
      raindrops (~> 0.7)
    verbs (2.1.4)
      activesupport (>= 2.3.4)
      i18n

PLATFORMS
  ruby

DEPENDENCIES
  english
  engtagger
  gingerice
  httparty
  moby
  ruby_rhymes
  scalpel
  sinatra (= 1.1.0)
  unicorn
  verbs
